GEM
  remote: https://rubygems.org/
  specs:
    colorize (0.8.1)
    date (3.2.2)
    open-uri (0.2.0)
      stringio
      time
      uri
    rexml (3.2.5)
    rss (0.2.9)
      rexml
    sorbet (0.5.10138)
      sorbet-static (= 0.5.10138)
    sorbet-runtime (0.5.10027)
    sorbet-static (0.5.10138-x86_64-linux)
    stringio (3.0.2)
    time (0.2.0)
      date
    uri (0.11.0)

PLATFORMS
  x86_64-linux

DEPENDENCIES
  colorize
  open-uri
  rss
  sorbet
  sorbet-runtime

BUNDLED WITH
   2.3.7
